{
  "AcquisitionMatrixPE": 104,
  "AcquisitionNumber": 1,
  "AcquisitionTime": "11:42:44.965000",
  "BandwidthPerPixelPhaseEncode": 17.17,
  "BaseResolution": 104,
  "BodyPartExamined": "BRAIN",
  "CoilCombinationMethod": "Sum of Squares",
  "ConsistencyInfo": "N4_VE11C_LATEST_20160120",
  "ConversionSoftware": "dcm2niix",
  "ConversionSoftwareVersion": "v1.0.20211006",
  "DerivedVendorReportedEchoSpacing": 0.000560011,
  "DeviceSerialNumber": "167006",
  "DwellTime": 2.1e-06,
  "EchoTime": 0.037,
  "EchoTime1": 0.037,
  "EchoTime2": 0.001,
  "EchoTrainLength": 104,
  "EffectiveEchoSpacing": 0.000560011,
  "FlipAngle": 52,
  "HeudiconvVersion": "0.10.0",
  "ImageComments": "Unaliased MB4/PE3/LB",
  "ImageOrientationPatientDICOM": [0.999612, 0.0180919, 0.021193, -0.00488504, 0.86256, -0.505932],
  "ImageOrientationText": "Tra>Cor(-30.4)>Sag(1.6)",
  "ImageType": [
    "ORIGINAL",
    "PRIMARY",
    "P",
    "MB",
    "ND",
    "MOSAIC",
    "PHASE"
],
  "ImagingFrequency": 123.259,
  "InPlanePhaseEncodingDirectionDICOM": "COL",
  "InstitutionAddress": "Chemin Queen-Mary 4565,Montreal,District,CA,H3W 1W5",
  "InstitutionName": "IUGM",
  "InstitutionalDepartmentName": "Department",
  "MRAcquisitionType": "2D",
  "MagneticFieldStrength": 3,
  "Manufacturer": "Siemens",
  "ManufacturersModelName": "Prisma_fit",
  "MatrixCoilMode": "SENSE",
  "Modality": "MR",
  "MultibandAccelerationFactor": 4,
  "PartialFourier": 1,
  "PatientPosition": "HFS",
  "PercentPhaseFOV": 100,
  "PercentSampling": 100,
  "PhaseEncodingDirection": "j",
  "PhaseEncodingSteps": 104,
  "PhaseResolution": 1,
  "PixelBandwidth": 2290,
  "ProcedureStepDescription": "localizers^fLoc",
  "ProtocolName": "task_fLoc_run-1",
  "PulseSequenceDetails": "%CustomerSeq%\\cmrr_mbep2d_bold",
  "ReceiveCoilActiveElements": "HC1-7;NC1,2",
  "ReceiveCoilName": "HeadNeck_64",
  "ReconMatrixPE": 104,
  "RepetitionTime": 1.49,
  "SAR": 0.0414216,
  "ScanOptions": "FS",
  "ScanningSequence": "EP",
  "SequenceName": "epfid2d1_104",
  "SequenceVariant": "SK\\SS",
  "SeriesDescription": "task_fLoc_run-1",
  "SeriesNumber": 14,
  "ShimSetting": [613, -7200, -8872, 286, -15, -193, -17, -31],
  "SliceThickness": 2,
  "SliceTiming": [0, 0.785, 0.0975, 0.8825, 0.195, 0.98, 0.295, 1.0775, 0.3925, 1.175, 0.49, 1.275, 0.5875, 1.3725, 0.685, 0, 0.785, 0.0975, 0.8825, 0.195, 0.98, 0.295, 1.0775, 0.3925, 1.175, 0.49, 1.275, 0.5875, 1.3725, 0.685, 0, 0.785, 0.0975, 0.8825, 0.195, 0.98, 0.295, 1.0775, 0.3925, 1.175, 0.49, 1.275, 0.5875, 1.3725, 0.685, 0, 0.785, 0.0975, 0.8825, 0.195, 0.98, 0.295, 1.0775, 0.3925, 1.175, 0.49, 1.275, 0.5875, 1.3725, 0.685],
  "SoftwareVersions": "syngo MR E11",
  "SpacingBetweenSlices": 2,
  "StationName": "MRC35049",
  "TaskName": "fLoc",
  "TotalReadoutTime": 0.0576811,
  "TxRefAmp": 254.054,
  "WipMemBlock": "8b990e36-6f4d-42b7-ab55-551e988b765f||Sequence: R016 ve11c/master r/e634e98; Dec 19 2017 11:00:25 by eja",
  "dcmmeta_affine": [
    [-1.9992233514785767, -0.009770081378519535, 0.054866909980773926, 105.9170150756836],
    [-0.036183781921863556, 1.7251193523406982, -1.0112636089324951, -49.36174392700195],
    [0.04238592088222504, 1.0118635892868042, 1.7246261835098267, -96.7971420288086],
    [0.0, 0.0, 0.0, 1.0]
],
  "dcmmeta_reorient_transform": [
    [0.0, -1.0, 0.0, 103.0],
    [1.0, 0.0, 0.0, 0.0],
    [0.0, 0.0, 1.0, 0.0],
    [0.0, 0.0, 0.0, 1.0]
],
  "dcmmeta_shape": [104, 104, 60, 69],
  "dcmmeta_slice_dim": 2,
  "dcmmeta_version": 0.6,
  "global": {
    "const": {
      "AcquisitionMatrix": [104, 0, 0, 104],
      "AngioFlag": "N",
      "BitsAllocated": 16,
      "BitsStored": 16,
      "BodyPartExamined": "BRAIN",
      "Columns": 832,
      "EchoNumbers": 1,
      "EchoTime": 37.0,
      "EchoTrainLength": 104,
      "FlipAngle": 52.0,
      "HighBit": 15,
      "ImageOrientationPatient": [0.99961169557091, 0.01809189112065, 0.02119295999942, -0.0048850406371, 0.86255966637292, -0.5059317724008],
      "ImagePositionPatient": [-829.07170158929, -769.43988117401, 360.31465480856],
      "ImageType": [
        "ORIGINAL",
        "PRIMARY",
        "P",
        "MB",
        "ND",
        "MOSAIC"
],
      "ImagedNucleus": "1H",
      "ImagingFrequency": 123.258917,
      "InPlanePhaseEncodingDirection": "COL",
      "LargestImagePixelValue": 4095,
      "MRAcquisitionType": "2D",
      "MagneticFieldStrength": 3.0,
      "Manufacturer": "SIEMENS",
      "ManufacturerModelName": "Prisma_fit",
      "Modality": "MR",
      "NumberOfAverages": 1.0,
      "NumberOfPhaseEncodingSteps": 104,
      "PercentPhaseFieldOfView": 100.0,
      "PercentSampling": 100.0,
      "PerformedProcedureStepStartTime": "112931.368000",
      "PhotometricInterpretation": "MONOCHROME2",
      "PixelBandwidth": 2290.0,
      "PixelRepresentation": 0,
      "PixelSpacing": [2.0, 2.0],
      "ProtocolName": "task_fLoc_run-1",
      "RepetitionTime": 1490.0,
      "RescaleIntercept": -4096.0,
      "RescaleSlope": 2.0,
      "RescaleType": "US",
      "Rows": 832,
      "SAR": 0.0414215952727,
      "SamplesPerPixel": 1,
      "ScanOptions": "FS",
      "ScanningSequence": "EP",
      "SequenceName": "epfid2d1_104",
      "SequenceVariant": [
        "SK",
        "SS"
],
      "SeriesDescription": "task_fLoc_run-1",
      "SeriesNumber": 14,
      "SeriesTime": "114401.197000",
      "SliceLocation": -55.604911254541,
      "SliceThickness": 2.0,
      "SmallestImagePixelValue": 0,
      "SoftwareVersions": "syngo MR E11",
      "SpacingBetweenSlices": 1.9999999842732,
      "SpecificCharacterSet": "ISO_IR 100",
      "StudyID": "1",
      "StudyTime": "112931.287000",
      "TransmitCoilName": "Body",
      "VariableFlipAngleFlag": "N",
      "WindowCenterWidthExplanation": "Algo1",
      "dBdt": 0.0},
    "slices": {}
  },
  "time": {
    "samples": {
      "AcquisitionNumber": [1, 2, 3, 4, 5, 6, 7, 8, 9, 10, 11, 12, 13, 14, 15, 16, 17, 18, 19, 20, 21, 22, 23, 24, 25, 26, 27, 28, 29, 30, 31, 32, 33, 34, 35, 36, 37, 38, 39, 40, 41, 42, 43, 44, 45, 46, 47, 48, 49, 50, 51, 52, 53, 54, 55, 56, 57, 58, 59, 60, 61, 62, 63, 64, 65, 66, 67, 68, 69],
      "AcquisitionTime": ["114244.965000", "114246.455000", "114247.945000", "114249.435000", "114250.925000", "114252.415000", "114253.905000", "114255.395000", "114256.885000", "114258.375000", "114259.865000", "114301.355000", "114302.845000", "114304.335000", "114305.825000", "114307.315000", "114308.805000", "114310.295000", "114311.785000", "114313.275000", "114314.765000", "114316.255000", "114317.745000", "114319.235000", "114320.725000", "114322.215000", "114323.705000", "114325.195000", "114326.685000", "114328.175000", "114329.665000", "114331.155000", "114332.645000", "114334.135000", "114335.625000", "114337.115000", "114338.605000", "114340.095000", "114341.585000", "114343.075000", "114344.565000", "114346.055000", "114347.545000", "114349.035000", "114350.525000", "114352.015000", "114353.505000", "114354.995000", "114356.485000", "114357.975000", "114359.465000", "114400.955000", "114402.445000", "114403.935000", "114405.425000", "114406.915000", "114408.405000", "114409.895000", "114411.385000", "114412.875000", "114414.365000", "114415.855000", "114417.345000", "114418.835000", "114420.325000", "114421.815000", "114423.305000", "114424.795000", "114426.285000"],
      "ContentTime": ["114401.199000", "114401.202000", "114401.204000", "114401.207000", "114401.209000", "114401.211000", "114401.214000", "114401.216000", "114401.219000", "114401.221000", "114401.224000", "114401.226000", "114401.228000", "114401.231000", "114401.233000", "114401.236000", "114401.238000", "114401.240000", "114401.243000", "114401.245000", "114401.248000", "114401.254000", "114421.151000", "114421.153000", "114421.156000", "114421.158000", "114421.161000", "114421.163000", "114421.166000", "114421.168000", "114421.170000", "114421.173000", "114421.175000", "114421.178000", "114421.180000", "114421.183000", "114421.185000", "114421.187000", "114421.190000", "114421.192000", "114421.195000", "114421.197000", "114441.144000", "114441.146000", "114441.149000", "114441.151000", "114441.154000", "114441.156000", "114441.159000", "114441.161000", "114441.164000", "114441.166000", "114441.168000", "114441.171000", "114441.173000", "114441.182000", "114441.185000", "114441.187000", "114441.190000", "114441.192000", "114441.195000", "114441.197000", "114447.488000", "114447.492000", "114447.495000", "114447.498000", "114447.501000", "114447.504000", "114447.506000"],
      "InstanceCreationTime": ["114401.199000", "114401.202000", "114401.204000", "114401.207000", "114401.209000", "114401.211000", "114401.214000", "114401.216000", "114401.219000", "114401.221000", "114401.224000", "114401.226000", "114401.228000", "114401.231000", "114401.233000", "114401.236000", "114401.238000", "114401.240000", "114401.243000", "114401.245000", "114401.248000", "114401.254000", "114421.151000", "114421.153000", "114421.156000", "114421.158000", "114421.161000", "114421.163000", "114421.166000", "114421.168000", "114421.170000", "114421.173000", "114421.175000", "114421.178000", "114421.180000", "114421.183000", "114421.185000", "114421.187000", "114421.190000", "114421.192000", "114421.195000", "114421.197000", "114441.144000", "114441.146000", "114441.149000", "114441.151000", "114441.154000", "114441.156000", "114441.159000", "114441.161000", "114441.164000", "114441.166000", "114441.168000", "114441.171000", "114441.173000", "114441.182000", "114441.185000", "114441.187000", "114441.190000", "114441.192000", "114441.195000", "114441.197000", "114447.488000", "114447.492000", "114447.495000", "114447.498000", "114447.501000", "114447.504000", "114447.506000"],
      "InstanceNumber": [1, 2, 3, 4, 5, 6, 7, 8, 9, 10, 11, 12, 13, 14, 15, 16, 17, 18, 19, 20, 21, 22, 23, 24, 25, 26, 27, 28, 29, 30, 31, 32, 33, 34, 35, 36, 37, 38, 39, 40, 41, 42, 43, 44, 45, 46, 47, 48, 49, 50, 51, 52, 53, 54, 55, 56, 57, 58, 59, 60, 61, 62, 63, 64, 65, 66, 67, 68, 69],
      "WindowCenter": [4766.0, 4768.0, 4766.0, 4726.0, 4734.0, 4724.0, 4738.0, 4756.0, 4786.0, 4818.0, 4812.0, 4784.0, 4756.0, 4742.0, 4738.0, 4742.0, 4768.0, 4772.0, 4770.0, 4768.0, 4768.0, 4770.0, 4768.0, 4772.0, 4772.0, 4772.0, 4766.0, 4744.0, 4770.0, 4746.0, 4740.0, 4768.0, 4740.0, 4760.0, 4766.0, 4768.0, 4804.0, 4762.0, 4742.0, 4742.0, 4768.0, 4770.0, 4770.0, 4768.0, 4768.0, 4770.0, 4770.0, 4764.0, 4772.0, 4768.0, 4766.0, 4772.0, 4746.0, 4742.0, 4766.0, 4796.0, 4766.0, 4772.0, 4794.0, 4764.0, 4770.0, 4770.0, 4766.0, 4772.0, 4744.0, 4798.0, 4746.0, 4746.0, 4768.0],
      "WindowWidth": [18574.0, 18572.0, 18568.0, 18498.0, 18494.0, 18502.0, 18538.0, 18588.0, 18618.0, 18664.0, 18652.0, 18610.0, 18574.0, 18544.0, 18534.0, 18534.0, 18572.0, 18576.0, 18576.0, 18572.0, 18572.0, 18568.0, 18564.0, 18570.0, 18574.0, 18574.0, 18566.0, 18530.0, 18572.0, 18536.0, 18532.0, 18572.0, 18542.0, 18570.0, 18576.0, 18578.0, 18620.0, 18568.0, 18538.0, 18530.0, 18572.0, 18570.0, 18568.0, 18566.0, 18568.0, 18572.0, 18568.0, 18564.0, 18576.0, 18564.0, 18574.0, 18572.0, 18540.0, 18538.0, 18566.0, 18608.0, 18566.0, 18576.0, 18608.0, 18568.0, 18572.0, 18568.0, 18566.0, 18566.0, 18532.0, 18604.0, 18540.0, 18532.0, 18574.0]
    },
    "slices": {}
  }
}