{
  "AcquisitionMatrixPE": 104,
  "AcquisitionNumber": 1,
  "AcquisitionTime": "11:24:53.462500",
  "BandwidthPerPixelPhaseEncode": 17.17,
  "BaseResolution": 104,
  "BodyPartExamined": "BRAIN",
  "CoilCombinationMethod": "Sum of Squares",
  "ConsistencyInfo": "N4_VE11C_LATEST_20160120",
  "ConversionSoftware": "dcm2niix",
  "ConversionSoftwareVersion": "v1.0.20211006",
  "DerivedVendorReportedEchoSpacing": 0.000560011,
  "DeviceSerialNumber": "167006",
  "DwellTime": 2.1e-06,
  "EchoTime": 0.037,
  "EchoTrainLength": 104,
  "EffectiveEchoSpacing": 0.000560011,
  "FlipAngle": 52,
  "HeudiconvVersion": "0.10.0",
  "ImageComments": "Unaliased MB4/PE3/LB",
  "ImageOrientationPatientDICOM": [0.999606, -0.00177298, 0.0280045, 0.0160522, 0.854708, -0.518861],
  "ImageOrientationText": "Tra>Cor(-31.3)>Sag(1.3)",
  "ImageType": [
    "ORIGINAL",
    "PRIMARY",
    "M",
    "MB",
    "ND",
    "MOSAIC"
],
  "ImagingFrequency": 123.259,
  "InPlanePhaseEncodingDirectionDICOM": "COL",
  "InstitutionAddress": "Chemin Queen-Mary 4565,Montreal,District,CA,H3W 1W5",
  "InstitutionName": "IUGM",
  "InstitutionalDepartmentName": "Department",
  "MRAcquisitionType": "2D",
  "MagneticFieldStrength": 3,
  "Manufacturer": "Siemens",
  "ManufacturersModelName": "Prisma_fit",
  "MatrixCoilMode": "SENSE",
  "Modality": "MR",
  "MultibandAccelerationFactor": 4,
  "PartialFourier": 1,
  "PatientPosition": "HFS",
  "PercentPhaseFOV": 100,
  "PercentSampling": 100,
  "PhaseEncodingDirection": "j",
  "PhaseEncodingSteps": 104,
  "PhaseResolution": 1,
  "PixelBandwidth": 2290,
  "ProcedureStepDescription": "localizers^fLoc",
  "ProtocolName": "task_fLoc_run-1",
  "PulseSequenceDetails": "%CustomerSeq%\\cmrr_mbep2d_bold",
  "ReceiveCoilActiveElements": "HC1-7;NC1,2",
  "ReceiveCoilName": "HeadNeck_64",
  "ReconMatrixPE": 104,
  "RepetitionTime": 1.49,
  "SAR": 0.0419104,
  "ScanOptions": "FS",
  "ScanningSequence": "EP",
  "SequenceName": "epfid2d1_104",
  "SequenceVariant": "SK\\SS",
  "SeriesDescription": "task_fLoc_run-1",
  "SeriesNumber": 10,
  "ShimSetting": [621, -7198, -8863, 250, 29, -195, -14, 3],
  "SliceThickness": 2,
  "SliceTiming": [0, 0.7825, 0.0975, 0.88, 0.195, 0.98, 0.2925, 1.0775, 0.39, 1.175, 0.49, 1.2725, 0.5875, 1.37, 0.685, 0, 0.7825, 0.0975, 0.88, 0.195, 0.98, 0.2925, 1.0775, 0.39, 1.175, 0.49, 1.2725, 0.5875, 1.37, 0.685, 0, 0.7825, 0.0975, 0.88, 0.195, 0.98, 0.2925, 1.0775, 0.39, 1.175, 0.49, 1.2725, 0.5875, 1.37, 0.685, 0, 0.7825, 0.0975, 0.88, 0.195, 0.98, 0.2925, 1.0775, 0.39, 1.175, 0.49, 1.2725, 0.5875, 1.37, 0.685],
  "SoftwareVersions": "syngo MR E11",
  "SpacingBetweenSlices": 2,
  "StationName": "MRC35049",
  "TaskName": "fLoc",
  "TotalReadoutTime": 0.0576811,
  "TxRefAmp": 254.638,
  "WipMemBlock": "458e4ba9-70f9-42df-816f-03b1d7576f86||Sequence: R016 ve11c/master r/e634e98; Dec 19 2017 11:00:25 by eja",
  "dcmmeta_affine": [
    [-1.9992125034332275, 0.03210430219769478, 0.04603147506713867, 103.83342742919922],
    [0.003545968094840646, 1.7094156742095947, -1.038212537765503, -50.47442626953125],
    [0.05600900948047638, 1.037722110748291, 1.7087994813919067, -95.387451171875],
    [0.0, 0.0, 0.0, 1.0]
],
  "dcmmeta_reorient_transform": [
    [0.0, -1.0, 0.0, 103.0],
    [1.0, 0.0, 0.0, 0.0],
    [0.0, 0.0, 1.0, 0.0],
    [0.0, 0.0, 0.0, 1.0]
],
  "dcmmeta_shape": [104, 104, 60, 155],
  "dcmmeta_slice_dim": 2,
  "dcmmeta_version": 0.6,
  "global": {
    "const": {
      "AcquisitionMatrix": [104, 0, 0, 104],
      "AngioFlag": "N",
      "BitsAllocated": 16,
      "BitsStored": 16,
      "BodyPartExamined": "BRAIN",
      "Columns": 832,
      "EchoNumbers": 1,
      "EchoTime": 37.0,
      "EchoTrainLength": 104,
      "FlipAngle": 52.0,
      "HighBit": 15,
      "ImageOrientationPatient": [0.99960622460788, -0.0017729840921, 0.02800450414813, 0.01605215126584, 0.8547078577705, -0.5188610664765],
      "ImagePositionPatient": [-846.53946852266, -746.53198213674, 368.84150476685],
      "ImageType": [
        "ORIGINAL",
        "PRIMARY",
        "M",
        "MB",
        "ND",
        "MOSAIC"
],
      "ImagedNucleus": "1H",
      "ImagingFrequency": 123.259096,
      "InPlanePhaseEncodingDirection": "COL",
      "MRAcquisitionType": "2D",
      "MagneticFieldStrength": 3.0,
      "Manufacturer": "SIEMENS",
      "ManufacturerModelName": "Prisma_fit",
      "Modality": "MR",
      "NumberOfAverages": 1.0,
      "NumberOfPhaseEncodingSteps": 104,
      "PercentPhaseFieldOfView": 100.0,
      "PercentSampling": 100.0,
      "PerformedProcedureStepStartTime": "112100.520000",
      "PhotometricInterpretation": "MONOCHROME2",
      "PixelBandwidth": 2290.0,
      "PixelRepresentation": 0,
      "PixelSpacing": [2.0, 2.0],
      "ProtocolName": "task_fLoc_run-1",
      "RepetitionTime": 1490.0,
      "Rows": 832,
      "SAR": 0.04191041616468,
      "SamplesPerPixel": 1,
      "ScanOptions": "FS",
      "ScanningSequence": "EP",
      "SequenceName": "epfid2d1_104",
      "SequenceVariant": [
        "SK",
        "SS"
],
      "SeriesDescription": "task_fLoc_run-1",
      "SeriesNumber": 10,
      "SeriesTime": "112621.824000",
      "SliceLocation": -52.907621977006,
      "SliceThickness": 2.0,
      "SmallestImagePixelValue": 0,
      "SoftwareVersions": "syngo MR E11",
      "SpacingBetweenSlices": 1.9999999939493,
      "SpecificCharacterSet": "ISO_IR 100",
      "StudyID": "1",
      "StudyTime": "112100.328000",
      "TransmitCoilName": "Body",
      "VariableFlipAngleFlag": "N",
      "WindowCenterWidthExplanation": "Algo1",
      "dBdt": 0.0},
